GEM
  specs:
    coderay (1.1.1)
    crack (0.4.3)
      safe_yaml (~> 1.0.0)
    json (1.8.3)
    method_source (0.8.2)
    pry (0.10.4)
      coderay (~> 1.1.0)
      method_source (~> 0.8.1)
      slop (~> 3.4)
    safe_yaml (1.0.4)
    slop (3.6.0)

PLATFORMS
  ruby

DEPENDENCIES
  crack
  json
  pry

BUNDLED WITH
   1.11.2
